PATH
  remote: .
  specs:
    store_schema (2.0.0)
      activerecord (>= 6.0.0)

GEM
  remote: https://rubygems.org/
  specs:
    activemodel (6.1.7.3)
      activesupport (= 6.1.7.3)
    activerecord (6.1.7.3)
      activemodel (= 6.1.7.3)
      activesupport (= 6.1.7.3)
    activesupport (6.1.7.3)
      concurrent-ruby (~> 1.0, >= 1.0.2)
      i18n (>= 1.6, < 2)
      minitest (>= 5.1)
      tzinfo (~> 2.0)
      zeitwerk (~> 2.3)
    concurrent-ruby (1.2.2)
    docile (1.3.5)
    i18n (1.12.0)
      concurrent-ruby (~> 1.0)
    minitest (5.14.4)
    mysql2 (0.5.3)
    pg (1.2.3)
    rake (13.0.3)
    simplecov (0.21.2)
      docile (~> 1.1)
      simplecov-html (~> 0.11)
      simplecov_json_formatter (~> 0.1)
    simplecov-html (0.12.3)
    simplecov_json_formatter (0.1.2)
    sqlite3 (1.4.2)
    tzinfo (2.0.6)
      concurrent-ruby (~> 1.0)
    yard (0.9.26)
    zeitwerk (2.6.7)

PLATFORMS
  ruby

DEPENDENCIES
  bundler
  minitest (~> 5.14.4)
  mysql2 (~> 0.5.3)
  pg (~> 1.2.3)
  rake (~> 13.0.3)
  simplecov (~> 0.21.2)
  sqlite3 (~> 1.4.2)
  store_schema!
  yard (~> 0.9.26)

BUNDLED WITH
   2.2.16
